PATH
  remote: .
  specs:
    xpring (0.1.0)
      google-protobuf (>= 3.11)
      grpc

GEM
  remote: https://rubygems.org/
  specs:
    diff-lcs (1.3)
    google-protobuf (3.11.3)
    googleapis-common-protos-types (1.0.4)
      google-protobuf (~> 3.0)
    grpc (1.26.0)
      google-protobuf (~> 3.8)
      googleapis-common-protos-types (~> 1.0)
    grpc-tools (1.26.0)
    rake (10.5.0)
    rake-compiler (1.1.0)
      rake
    rspec (3.9.0)
      rspec-core (~> 3.9.0)
      rspec-expectations (~> 3.9.0)
      rspec-mocks (~> 3.9.0)
    rspec-core (3.9.0)
      rspec-support (~> 3.9.0)
    rspec-expectations (3.9.0)
      diff-lcs (>= 1.2.0, < 2.0)
      rspec-support (~> 3.9.0)
    rspec-mocks (3.9.0)
      diff-lcs (>= 1.2.0, < 2.0)
      rspec-support (~> 3.9.0)
    rspec-support (3.9.0)

PLATFORMS
  ruby

DEPENDENCIES
  bundler (~> 2.0)
  grpc-tools
  rake (~> 10.0)
  rake-compiler
  rspec (~> 3.0)
  xpring!

BUNDLED WITH
   2.1.4
